GEM
  remote: https://rubygems.org/
  specs:
    byebug (11.1.3)
    dotenv (2.7.5)
    pg (1.2.3)
    rack (2.2.3)
    sequel (5.33.0)

PLATFORMS
  ruby

DEPENDENCIES
  byebug
  dotenv
  pg
  rack
  sequel

RUBY VERSION
   ruby 2.5.1p57

BUNDLED WITH
   2.1.4
