GEM
  remote: https://rubygems.org/
  specs:
    byebug (11.1.3)
    dotenv (2.7.5)
    pg (1.2.3)
    rack (2.2.3)
    sequel (5.33.0)
    slim (4.1.0)
      temple (>= 0.7.6, < 0.9)
      tilt (>= 2.0.6, < 2.1)
    temple (0.8.2)
    tilt (2.0.10)

PLATFORMS
  ruby

DEPENDENCIES
  byebug
  dotenv
  pg
  rack
  sequel
  slim
  tilt

RUBY VERSION
   ruby 2.5.1p57

BUNDLED WITH
   2.1.4
